PATH
  remote: .
  specs:
    sitediff (1.1.1)
      addressable (>= 2.5.2, < 2.9.0)
      diffy (~> 3.3.0)
      minitar (~> 0.9)
      nokogiri (>= 1.10.4)
      pkg-config (~> 1.1)
      rainbow (~> 3.0.0)
      thor (~> 0.20.0)
      typhoeus (~> 1.0)

GEM
  remote: https://rubygems.org/
  specs:
    addressable (2.8.0)
      public_suffix (>= 2.0.2, < 5.0)
    ast (2.4.2)
    diff-lcs (1.5.0)
    diffy (3.3.0)
    ethon (0.15.0)
      ffi (>= 1.15.0)
    ffi (1.15.5)
    fileutils (1.1.0)
    mini_portile2 (2.8.0)
    minitar (0.9)
    nokogiri (1.13.4)
      mini_portile2 (~> 2.8.0)
      racc (~> 1.4)
    parallel (1.22.1)
    parser (3.1.1.0)
      ast (~> 2.4.1)
    pkg-config (1.4.7)
    public_suffix (4.0.6)
    racc (1.6.0)
    rainbow (3.0.0)
    regexp_parser (2.3.0)
    rexml (3.2.5)
    rspec (3.11.0)
      rspec-core (~> 3.11.0)
      rspec-expectations (~> 3.11.0)
      rspec-mocks (~> 3.11.0)
    rspec-core (3.11.0)
      rspec-support (~> 3.11.0)
    rspec-expectations (3.11.0)
      diff-lcs (>= 1.2.0, < 2.0)
      rspec-support (~> 3.11.0)
    rspec-mocks (3.11.1)
      diff-lcs (>= 1.2.0, < 2.0)
      rspec-support (~> 3.11.0)
    rspec-support (3.11.0)
    rubocop (1.27.0)
      parallel (~> 1.10)
      parser (>= 3.1.0.0)
      rainbow (>= 2.2.2, < 4.0)
      regexp_parser (>= 1.8, < 3.0)
      rexml
      rubocop-ast (>= 1.16.0, < 2.0)
      ruby-progressbar (~> 1.7)
      unicode-display_width (>= 1.4.0, < 3.0)
    rubocop-ast (1.17.0)
      parser (>= 3.1.1.0)
    ruby-progressbar (1.11.0)
    thor (0.20.3)
    typhoeus (1.4.0)
      ethon (>= 0.9.0)
    unicode-display_width (2.1.0)

PLATFORMS
  ruby

DEPENDENCIES
  fileutils (= 1.1.0)
  rspec
  rubocop
  sitediff!
  thor

BUNDLED WITH
   2.1.4
