PATH
  remote: .
  specs:
    sitediff (1.2.12)
      addressable (>= 2.5.2, < 2.9.0)
      diffy (~> 3.4.0)
      minitar (~> 0.9)
      nokogiri (>= 1.18)
      pkg-config (~> 1.4)
      rainbow (~> 3.1.1)
      thor (~> 1.2.1)
      typhoeus (>= 1.1.1)
      webrick (>= 1.9)

GEM
  remote: https://rubygems.org/
  specs:
    addressable (2.8.7)
      public_suffix (>= 2.0.2, < 7.0)
    ast (2.4.2)
    diff-lcs (1.5.0)
    diffy (3.4.3)
    ethon (0.16.0)
      ffi (>= 1.15.0)
    ffi (1.17.2-arm64-darwin)
    ffi (1.17.2-x86_64-linux-gnu)
    fileutils (1.1.0)
    json (2.6.2)
    minitar (0.12.1)
    nokogiri (1.18.8-arm64-darwin)
      racc (~> 1.4)
    nokogiri (1.18.8-x86_64-linux-gnu)
      racc (~> 1.4)
    parallel (1.22.1)
    parser (3.1.2.0)
      ast (~> 2.4.1)
    pkg-config (1.6.2)
    public_suffix (6.0.2)
    racc (1.8.1)
    rainbow (3.1.1)
    regexp_parser (2.5.0)
    rexml (3.3.6)
      strscan
    rspec (3.11.0)
      rspec-core (~> 3.11.0)
      rspec-expectations (~> 3.11.0)
      rspec-mocks (~> 3.11.0)
    rspec-core (3.11.0)
      rspec-support (~> 3.11.0)
    rspec-expectations (3.11.0)
      diff-lcs (>= 1.2.0, < 2.0)
      rspec-support (~> 3.11.0)
    rspec-mocks (3.11.1)
      diff-lcs (>= 1.2.0, < 2.0)
      rspec-support (~> 3.11.0)
    rspec-support (3.11.0)
    rubocop (1.31.1)
      json (~> 2.3)
      parallel (~> 1.10)
      parser (>= 3.1.0.0)
      rainbow (>= 2.2.2, < 4.0)
      regexp_parser (>= 1.8, < 3.0)
      rexml (>= 3.2.5, < 4.0)
      rubocop-ast (>= 1.18.0, < 2.0)
      ruby-progressbar (~> 1.7)
      unicode-display_width (>= 1.4.0, < 3.0)
    rubocop-ast (1.18.0)
      parser (>= 3.1.1.0)
    ruby-progressbar (1.11.0)
    strscan (3.1.0)
    thor (1.2.1)
    typhoeus (1.4.1)
      ethon (= 0.16.0)
    unicode-display_width (2.2.0)
    webrick (1.9.1)

PLATFORMS
  arm64-darwin-22
  x86_64-linux

DEPENDENCIES
  fileutils (= 1.1.0)
  rspec
  rubocop
  sitediff!
  thor

BUNDLED WITH
   2.3.26
